PATH
  remote: .
  specs:
    fixture_builder (0.2.2)
      activesupport

GEM
  remote: http://rubygems.org/
  specs:
    activesupport (3.0.9)
    rake (0.8.7)
    test-unit (2.3.0)

PLATFORMS
  ruby

DEPENDENCIES
  fixture_builder!
  rake (= 0.8.7)
  test-unit
